{
    "Modality":"MR",
    "MagneticFieldStrength":3,
    "ImagingFrequency":123.25,
    "Manufacturer":"Siemens",
    "ManufacturersModelName":"Prisma_fit",
    "InstitutionName":"Caltech Prisma32",
    "InstitutionalDepartmentName":"Department",
    "InstitutionAddress":"Michigan Ave 320,Pasadena,California,US,91025",
    "DeviceSerialNumber":"167050",
    "StationName":"PRISMA",
    "BodyPartExamined":"BRAIN",
    "PatientPosition":"HFS",
    "SoftwareVersions":"syngo MR E11",
    "MRAcquisitionType":"2D",
    "SeriesDescription":"movie",
    "ProtocolName":"movie",
    "ScanningSequence":"EP",
    "SequenceVariant":"SK\\SS\\OSP",
    "ScanOptions":"FS\\EXT",
    "SequenceName":"epfid2d1_80",
    "ImageType":[
        "ORIGINAL",
        "PRIMARY",
        "M",
        "MB",
        "ND",
        "MOSAIC"
    ],
    "NonlinearGradientCorrection":false,
    "SeriesNumber":24,
    "AcquisitionTime":"13:24:24.340000",
    "AcquisitionNumber":1,
    "ImageComments":"Unaliased MB6/PE3/LB",
    "SliceThickness":2.5,
    "SpacingBetweenSlices":2.5,
    "SAR":0.0957652,
    "EchoTime":0.03,
    "RepetitionTime":0.7,
    "FlipAngle":53,
    "PartialFourier":1,
    "BaseResolution":80,
    "ShimSetting":[
        7044,
        -3611,
        8059,
        595,
        95,
        203,
        23,
        14
    ],
    "TxRefAmp":241.125,
    "PhaseResolution":1,
    "PhaseOversampling":0.1,
    "ReceiveCoilName":"Head_32",
    "ReceiveCoilActiveElements":"HEA;HEP",
    "PulseSequenceDetails":"%CustomerSeq%\\cmrr_mbep2d_bold",
    "WipMemBlock":"0f50ccdb-a1bc-4617-82e1-77e11a81b6c0||Sequence: R016 ve11c/master r/e634e98; Dec 19 2017 11:00:25 by eja",
    "CoilCombinationMethod":"Sum of Squares",
    "ConsistencyInfo":"N4_VE11C_LATEST_20160120",
    "MatrixCoilMode":"SENSE",
    "MultibandAccelerationFactor":6,
    "PercentPhaseFOV":100,
    "PercentSampling":100,
    "EchoTrainLength":88,
    "PhaseEncodingSteps":88,
    "AcquisitionMatrixPE":80,
    "ReconMatrixPE":80,
    "BandwidthPerPixelPhaseEncode":23.191,
    "EffectiveEchoSpacing":0.000539002,
    "DerivedVendorReportedEchoSpacing":0.000490002,
    "TotalReadoutTime":0.0425812,
    "PixelBandwidth":2715,
    "DwellTime":2.3e-06,
    "PhaseEncodingDirection":"j-",
    "SliceTiming":[
        0,
        0.4775,
        0.2725,
        0.07,
        0.545,
        0.34,
        0.1375,
        0.6125,
        0.41,
        0.205,
        0,
        0.4775,
        0.2725,
        0.07,
        0.545,
        0.34,
        0.1375,
        0.6125,
        0.41,
        0.205,
        0,
        0.4775,
        0.2725,
        0.07,
        0.545,
        0.34,
        0.1375,
        0.6125,
        0.41,
        0.205,
        0,
        0.4775,
        0.2725,
        0.07,
        0.545,
        0.34,
        0.1375,
        0.6125,
        0.41,
        0.205,
        0,
        0.4775,
        0.2725,
        0.07,
        0.545,
        0.34,
        0.1375,
        0.6125,
        0.41,
        0.205,
        0,
        0.4775,
        0.2725,
        0.07,
        0.545,
        0.34,
        0.1375,
        0.6125,
        0.41,
        0.205
    ],
    "ImageOrientationPatientDICOM":[
        1,
        0,
        0,
        0,
        0.939693,
        -0.34202
    ],
    "ImageOrientationText":"Tra>Cor(-20.0)",
    "InPlanePhaseEncodingDirectionDICOM":"COL",
    "ConversionSoftware":"dcm2niix",
    "ConversionSoftwareVersion":"v1.0.20220720",
    "TaskName":"unknown"
}