{
    "Modality":"MR",
    "MagneticFieldStrength":3,
    "ImagingFrequency":123.25,
    "Manufacturer":"Siemens",
    "ManufacturersModelName":"Prisma_fit",
    "InstitutionName":"Caltech Prisma64",
    "InstitutionalDepartmentName":"Department",
    "InstitutionAddress":"Michigan Ave 320,Pasadena,California,US,91025",
    "DeviceSerialNumber":"167050",
    "StationName":"PRISMA",
    "BodyPartExamined":"BRAIN",
    "PatientPosition":"HFS",
    "SoftwareVersions":"syngo MR E11",
    "MRAcquisitionType":"2D",
    "SeriesDescription":"SE_EPI_Fieldmap_Pos",
    "ProtocolName":"SE_EPI_Fieldmap_Pos",
    "ScanningSequence":"EP",
    "SequenceVariant":"SK\\OSP",
    "ScanOptions":"FS",
    "SequenceName":"epse2d1_80",
    "ImageType":[
        "ORIGINAL",
        "PRIMARY",
        "M",
        "ND",
        "MOSAIC"
    ],
    "NonlinearGradientCorrection":false,
    "SeriesNumber":14,
    "AcquisitionTime":"14:33:8.132500",
    "AcquisitionNumber":1,
    "SliceThickness":2.5,
    "SpacingBetweenSlices":2.5,
    "SAR":0.226015,
    "EchoTime":0.048,
    "RepetitionTime":5.5,
    "FlipAngle":90,
    "PartialFourier":1,
    "BaseResolution":80,
    "ShimSetting":[
        7022,
        -3559,
        7989,
        376,
        56,
        277,
        135,
        81
    ],
    "TxRefAmp":290.545,
    "PhaseResolution":1,
    "PhaseOversampling":0.1,
    "ReceiveCoilName":"Head_32",
    "ReceiveCoilActiveElements":"HEA;HEP",
    "PulseSequenceDetails":"%CustomerSeq%\\cmrr_mbep2d_se",
    "WipMemBlock":"cb7f9f63-61e9-4b8e-b0a3-c5af7a364179||Sequence: R016 ve11c/master r/e634e98; Dec 19 2017 11:22:56 by eja",
    "CoilCombinationMethod":"Sum of Squares",
    "ConsistencyInfo":"N4_VE11C_LATEST_20160120",
    "MatrixCoilMode":"SENSE",
    "PercentPhaseFOV":100,
    "PercentSampling":100,
    "EchoTrainLength":88,
    "PhaseEncodingSteps":88,
    "AcquisitionMatrixPE":80,
    "ReconMatrixPE":80,
    "BandwidthPerPixelPhaseEncode":23.191,
    "EffectiveEchoSpacing":0.000539002,
    "DerivedVendorReportedEchoSpacing":0.000490002,
    "TotalReadoutTime":0.0425812,
    "PixelBandwidth":2715,
    "DwellTime":2.3e-06,
    "PhaseEncodingDirection":"j-",
    "SliceTiming":[
        2.74,
        0,
        2.83,
        0.09,
        2.9225,
        0.1825,
        3.0125,
        0.2725,
        3.105,
        0.365,
        3.195,
        0.455,
        3.2875,
        0.5475,
        3.3775,
        0.6375,
        3.47,
        0.73,
        3.56,
        0.8225,
        3.6525,
        0.9125,
        3.745,
        1.005,
        3.835,
        1.095,
        3.9275,
        1.1875,
        4.0175,
        1.2775,
        4.11,
        1.37,
        4.2,
        1.46,
        4.2925,
        1.5525,
        4.3825,
        1.6425,
        4.475,
        1.735,
        4.565,
        1.825,
        4.6575,
        1.9175,
        4.7475,
        2.0075,
        4.84,
        2.1,
        4.93,
        2.1925,
        5.0225,
        2.2825,
        5.115,
        2.375,
        5.205,
        2.465,
        5.2975,
        2.5575,
        5.3875,
        2.6475
    ],
    "ImageOrientationPatientDICOM":[
        1,
        0,
        0,
        0,
        0.939693,
        -0.34202
    ],
    "ImageOrientationText":"Tra>Cor(-20.0)",
    "InPlanePhaseEncodingDirectionDICOM":"COL",
    "ConversionSoftware":"dcm2niix",
    "ConversionSoftwareVersion":"v1.0.20220720",
    "IntendedFor":[
        "ses-001/func/sub-p59cs_ses-001_task-movie_run-1_bold.nii.gz"
    ]
}