{
    "Modality":"MR",
    "MagneticFieldStrength":3,
    "ImagingFrequency":123.223,
    "Manufacturer":"Siemens",
    "ManufacturersModelName":"TrioTim",
    "InstitutionName":"Caltech Tim32",
    "InstitutionalDepartmentName":"Department",
    "InstitutionAddress":"Wilson Avenue 340 ,Pasadena,California,US,91025",
    "DeviceSerialNumber":"35077",
    "StationName":"MEDPC",
    "PatientPosition":"HFS",
    "ProcedureStepDescription":"Adolphs_lab^Julien",
    "SoftwareVersions":"syngo MR B17",
    "MRAcquisitionType":"3D",
    "SeriesDescription":"T1w_tfl_mgh_multiecho_combEcho",
    "ProtocolName":"T1w_tfl_mgh_multiecho",
    "ScanningSequence":"GR\\IR",
    "SequenceVariant":"SP\\MP",
    "ScanOptions":"IR",
    "SequenceName":"tfl3d4_ns",
    "ImageType":[
        "ORIGINAL",
        "PRIMARY",
        "ECHO",
        "COMBINED",
        "ND"
    ],
    "NonlinearGradientCorrection":false,
    "SeriesNumber":4,
    "AcquisitionTime":"13:37:41.317500",
    "AcquisitionNumber":1,
    "ImageComments":"Average over all echoes.",
    "SliceThickness":1,
    "SAR":0.0788557,
    "EchoNumber":4,
    "RepetitionTime":2.53,
    "InversionTime":1.1,
    "FlipAngle":7,
    "PartialFourier":1,
    "BaseResolution":256,
    "ShimSetting":[
        9512,
        -10350,
        15665,
        371,
        -102,
        -34,
        311,
        -179
    ],
    "TxRefAmp":318.011,
    "PhaseResolution":1,
    "ReceiveCoilName":"32Ch_Head",
    "CoilString":"C:HEA;HEP",
    "PulseSequenceDetails":"%CustomerSeq%\\tfl_wip900b17a",
    "RefLinesPE":32,
    "CoilCombinationMethod":"Adaptive Combine",
    "MatrixCoilMode":"GRAPPA",
    "PercentPhaseFOV":100,
    "PercentSampling":100,
    "PhaseEncodingSteps":255,
    "AcquisitionMatrixPE":256,
    "ReconMatrixPE":256,
    "ParallelReductionFactorInPlane":2,
    "PixelBandwidth":651,
    "DwellTime":3e-06,
    "ImageOrientationPatientDICOM":[
        0,
        1,
        0,
        0,
        0,
        -1
    ],
    "ImageOrientationText":"Sag",
    "InPlanePhaseEncodingDirectionDICOM":"ROW",
    "ConversionSoftware":"dcm2niix",
    "ConversionSoftwareVersion":"v1.0.20220720"
}