{
    "Modality":"MR",
    "MagneticFieldStrength":3,
    "ImagingFrequency":123.222,
    "Manufacturer":"Siemens",
    "ManufacturersModelName":"TrioTim",
    "InstitutionName":"Caltech Tim32",
    "InstitutionalDepartmentName":"Department",
    "InstitutionAddress":"Wilson Avenue 340 ,Pasadena,California,US,91025",
    "DeviceSerialNumber":"35077",
    "StationName":"MEDPC",
    "PatientPosition":"HFS",
    "ProcedureStepDescription":"Adolphs_lab^Julien",
    "SoftwareVersions":"syngo MR B17",
    "MRAcquisitionType":"2D",
    "SeriesDescription":"movie_SBRef",
    "ProtocolName":"movie",
    "ScanningSequence":"EP",
    "SequenceVariant":"SK\\SS",
    "ScanOptions":"FS",
    "SequenceName":"epfid2d1_80",
    "ImageType":[
        "ORIGINAL",
        "PRIMARY",
        "M",
        "ND",
        "MOSAIC"
    ],
    "NonlinearGradientCorrection":false,
    "SeriesNumber":8,
    "AcquisitionTime":"11:07:16.237500",
    "AcquisitionNumber":1,
    "ImageComments":"Single-band reference",
    "SliceThickness":2.5,
    "SpacingBetweenSlices":2.5,
    "SAR":0.117201,
    "EchoTime":0.03,
    "RepetitionTime":1,
    "FlipAngle":60,
    "PartialFourier":1,
    "BaseResolution":80,
    "ShimSetting":[
        9630,
        -10442,
        15926,
        794,
        42,
        192,
        389,
        -112
    ],
    "TxRefAmp":315.519,
    "PhaseResolution":1,
    "ReceiveCoilName":"32Ch_Head",
    "CoilString":"C:HEA;HEP",
    "PulseSequenceDetails":"%CustomerSeq%\\cmrr_mbep2d_bold",
    "CoilCombinationMethod":"Sum of Squares",
    "MatrixCoilMode":"SENSE",
    "PercentPhaseFOV":100,
    "PercentSampling":100,
    "PhaseEncodingSteps":80,
    "AcquisitionMatrixPE":80,
    "ReconMatrixPE":80,
    "BandwidthPerPixelPhaseEncode":23.148,
    "EffectiveEchoSpacing":0.000540003,
    "DerivedVendorReportedEchoSpacing":0.000540003,
    "TotalReadoutTime":0.0426603,
    "PixelBandwidth":2404,
    "DwellTime":2.6e-06,
    "PhaseEncodingDirection":"j-",
    "SliceTiming":[
        0,
        0.07,
        0.1425,
        0.215,
        0.285,
        0.3575,
        0.43,
        0.5,
        0.5725,
        0.645,
        0.715,
        0.7875,
        0.86,
        0.93,
        1.0025,
        1.075,
        1.145,
        1.2175,
        1.29,
        1.36,
        1.4325,
        1.505,
        1.575,
        1.6475,
        1.72,
        1.7925,
        1.8625,
        1.935,
        2.0075,
        2.0775,
        2.15,
        2.2225,
        2.2925,
        2.365,
        2.4375,
        2.5075,
        2.58,
        2.6525,
        2.7225,
        2.795,
        2.8675,
        2.9375,
        3.01,
        3.0825,
        3.1525,
        3.225,
        3.2975,
        3.3675,
        3.44,
        3.5125,
        3.5825,
        3.655,
        3.7275,
        3.7975,
        3.87,
        3.9425
    ],
    "ImageOrientationPatientDICOM":[
        1,
        -1e-16,
        0,
        1e-16,
        0.939693,
        -0.34202
    ],
    "ImageOrientationText":"Tra>Cor(-20.0)",
    "InPlanePhaseEncodingDirectionDICOM":"COL",
    "ConversionSoftware":"dcm2niix",
    "ConversionSoftwareVersion":"v1.0.20220720",
    "TaskName":"unknown"
}