{
    "Modality":"MR",
    "MagneticFieldStrength":3,
    "ImagingFrequency":123.25,
    "Manufacturer":"Siemens",
    "ManufacturersModelName":"Prisma_fit",
    "InstitutionName":"Caltech Prisma64",
    "InstitutionalDepartmentName":"Department",
    "InstitutionAddress":"Michigan Ave 320,Pasadena,California,US,91025",
    "DeviceSerialNumber":"167050",
    "StationName":"PRISMA",
    "BodyPartExamined":"BRAIN",
    "PatientPosition":"HFS",
    "SoftwareVersions":"syngo MR E11",
    "MRAcquisitionType":"2D",
    "SeriesDescription":"movie",
    "ProtocolName":"movie",
    "ScanningSequence":"EP",
    "SequenceVariant":"SK\\SS\\OSP",
    "ScanOptions":"FS\\EXT",
    "SequenceName":"epfid2d1_80",
    "ImageType":[
        "ORIGINAL",
        "PRIMARY",
        "M",
        "MB",
        "ND",
        "MOSAIC"
    ],
    "NonlinearGradientCorrection":false,
    "SeriesNumber":31,
    "AcquisitionTime":"15:15:0.590000",
    "AcquisitionNumber":1,
    "ImageComments":"Unaliased MB6/PE3/LB",
    "SliceThickness":2.5,
    "SpacingBetweenSlices":2.5,
    "SAR":0.0851969,
    "EchoTime":0.03,
    "RepetitionTime":0.7,
    "FlipAngle":53,
    "PartialFourier":1,
    "BaseResolution":80,
    "ShimSetting":[
        7022,
        -3559,
        7989,
        376,
        56,
        277,
        135,
        81
    ],
    "TxRefAmp":290.545,
    "PhaseResolution":1,
    "PhaseOversampling":0.1,
    "ReceiveCoilName":"Head_32",
    "ReceiveCoilActiveElements":"HEA;HEP",
    "PulseSequenceDetails":"%CustomerSeq%\\cmrr_mbep2d_bold",
    "WipMemBlock":"56ea9910-12fa-4758-b814-e0c292356687||Sequence: R016 ve11c/master r/e634e98; Dec 19 2017 11:00:25 by eja",
    "CoilCombinationMethod":"Sum of Squares",
    "ConsistencyInfo":"N4_VE11C_LATEST_20160120",
    "MatrixCoilMode":"SENSE",
    "MultibandAccelerationFactor":6,
    "PercentPhaseFOV":100,
    "PercentSampling":100,
    "EchoTrainLength":88,
    "PhaseEncodingSteps":88,
    "AcquisitionMatrixPE":80,
    "ReconMatrixPE":80,
    "BandwidthPerPixelPhaseEncode":23.191,
    "EffectiveEchoSpacing":0.000539002,
    "DerivedVendorReportedEchoSpacing":0.000490002,
    "TotalReadoutTime":0.0425812,
    "PixelBandwidth":2715,
    "DwellTime":2.3e-06,
    "PhaseEncodingDirection":"j-",
    "SliceTiming":[
        0,
        0.475,
        0.27,
        0.0675,
        0.5425,
        0.34,
        0.135,
        0.61,
        0.4075,
        0.2025,
        0,
        0.475,
        0.27,
        0.0675,
        0.5425,
        0.34,
        0.135,
        0.61,
        0.4075,
        0.2025,
        0,
        0.475,
        0.27,
        0.0675,
        0.5425,
        0.34,
        0.135,
        0.61,
        0.4075,
        0.2025,
        0,
        0.475,
        0.27,
        0.0675,
        0.5425,
        0.34,
        0.135,
        0.61,
        0.4075,
        0.2025,
        0,
        0.475,
        0.27,
        0.0675,
        0.5425,
        0.34,
        0.135,
        0.61,
        0.4075,
        0.2025,
        0,
        0.475,
        0.27,
        0.0675,
        0.5425,
        0.34,
        0.135,
        0.61,
        0.4075,
        0.2025
    ],
    "ImageOrientationPatientDICOM":[
        1,
        0,
        0,
        0,
        0.939693,
        -0.34202
    ],
    "ImageOrientationText":"Tra>Cor(-20.0)",
    "InPlanePhaseEncodingDirectionDICOM":"COL",
    "ConversionSoftware":"dcm2niix",
    "ConversionSoftwareVersion":"v1.0.20220720",
    "TaskName":"unknown"
}