{
    "Modality":"MR",
    "MagneticFieldStrength":3,
    "ImagingFrequency":123.223,
    "Manufacturer":"Siemens",
    "ManufacturersModelName":"TrioTim",
    "InstitutionName":"Caltech Tim32",
    "InstitutionalDepartmentName":"Department",
    "InstitutionAddress":"Wilson Avenue 340 ,Pasadena,California,US,91025",
    "DeviceSerialNumber":"35077",
    "StationName":"TIM32",
    "PatientPosition":"HFS",
    "ProcedureStepDescription":"Adolphs_lab^Julien",
    "SoftwareVersions":"syngo MR B17",
    "MRAcquisitionType":"3D",
    "SeriesDescription":"T2w_tse_vfl",
    "ProtocolName":"T2w_tse_vfl",
    "ScanningSequence":"SE",
    "SequenceVariant":"SK\\SP",
    "ScanOptions":"PFP",
    "SequenceName":"*spc3d1_230ns",
    "ImageType":[
        "ORIGINAL",
        "PRIMARY",
        "M",
        "ND"
    ],
    "NonlinearGradientCorrection":false,
    "SeriesNumber":18,
    "AcquisitionTime":"09:22:14.270000",
    "AcquisitionNumber":1,
    "SliceThickness":1,
    "SAR":0.2846,
    "EchoTime":0.39,
    "RepetitionTime":3.39,
    "SpoilingState":true,
    "FlipAngle":120,
    "PartialFourier":1,
    "BaseResolution":256,
    "ShimSetting":[
        9560,
        -10469,
        15327,
        84,
        -85,
        33,
        -23,
        -39
    ],
    "TxRefAmp":335.556,
    "PhaseResolution":1.0098,
    "ReceiveCoilName":"32Ch_Head",
    "CoilString":"C:HEA;HEP",
    "PulseSequenceDetails":"%SiemensSeq%\\tse_vfl",
    "RefLinesPE":24,
    "CoilCombinationMethod":"Adaptive Combine",
    "MatrixCoilMode":"GRAPPA",
    "PercentPhaseFOV":79.6875,
    "PercentSampling":100.98,
    "EchoTrainLength":115,
    "PhaseEncodingSteps":200,
    "AcquisitionMatrixPE":206,
    "ReconMatrixPE":204,
    "ParallelReductionFactorInPlane":2,
    "PixelBandwidth":651,
    "DwellTime":3e-06,
    "PhaseEncodingDirection":"i",
    "ImageOrientationPatientDICOM":[
        0,
        1,
        0,
        0,
        0,
        -1
    ],
    "ImageOrientationText":"Sag",
    "InPlanePhaseEncodingDirectionDICOM":"ROW",
    "ConversionSoftware":"dcm2niix",
    "ConversionSoftwareVersion":"v1.0.20220720"
}