{
    "Modality":"MR",
    "MagneticFieldStrength":3,
    "ImagingFrequency":123.223,
    "Manufacturer":"Siemens",
    "ManufacturersModelName":"TrioTim",
    "InstitutionName":"Caltech Tim32",
    "InstitutionalDepartmentName":"Department",
    "InstitutionAddress":"Wilson Avenue 340 ,Pasadena,California,US,91025",
    "DeviceSerialNumber":"35077",
    "StationName":"MEDPC",
    "PatientPosition":"HFS",
    "ProcedureStepDescription":"Adolphs_lab^Julien",
    "SoftwareVersions":"syngo MR B17",
    "MRAcquisitionType":"2D",
    "SeriesDescription":"movie_SBRef",
    "ProtocolName":"movie",
    "ScanningSequence":"EP",
    "SequenceVariant":"SK\\SS",
    "ScanOptions":"FS",
    "SequenceName":"epfid2d1_80",
    "ImageType":[
        "ORIGINAL",
        "PRIMARY",
        "M",
        "ND",
        "MOSAIC"
    ],
    "NonlinearGradientCorrection":false,
    "SeriesNumber":21,
    "AcquisitionTime":"14:05:37.842500",
    "AcquisitionNumber":1,
    "ImageComments":"Single-band reference",
    "SliceThickness":2.5,
    "SpacingBetweenSlices":2.5,
    "SAR":0.114426,
    "EchoTime":0.03,
    "RepetitionTime":1,
    "FlipAngle":60,
    "PartialFourier":1,
    "BaseResolution":80,
    "ShimSetting":[
        9469,
        -10357,
        15884,
        644,
        -1,
        108,
        -554,
        338
    ],
    "TxRefAmp":331.985,
    "PhaseResolution":1,
    "ReceiveCoilName":"32Ch_Head",
    "CoilString":"C:HEA;HEP",
    "PulseSequenceDetails":"%CustomerSeq%\\cmrr_mbep2d_bold",
    "CoilCombinationMethod":"Sum of Squares",
    "MatrixCoilMode":"SENSE",
    "PercentPhaseFOV":100,
    "PercentSampling":100,
    "PhaseEncodingSteps":80,
    "AcquisitionMatrixPE":80,
    "ReconMatrixPE":80,
    "BandwidthPerPixelPhaseEncode":23.148,
    "EffectiveEchoSpacing":0.000540003,
    "DerivedVendorReportedEchoSpacing":0.000540003,
    "TotalReadoutTime":0.0426603,
    "PixelBandwidth":2404,
    "DwellTime":2.6e-06,
    "PhaseEncodingDirection":"j-",
    "SliceTiming":[
        0,
        0.0725,
        0.145,
        0.215,
        0.2875,
        0.36,
        0.43,
        0.5025,
        0.575,
        0.645,
        0.7175,
        0.79,
        0.86,
        0.9325,
        1.005,
        1.075,
        1.1475,
        1.22,
        1.29,
        1.3625,
        1.435,
        1.505,
        1.5775,
        1.65,
        1.72,
        1.7925,
        1.865,
        1.935,
        2.0075,
        2.08,
        2.15,
        2.2225,
        2.295,
        2.365,
        2.4375,
        2.51,
        2.58,
        2.6525,
        2.725,
        2.795,
        2.8675,
        2.94,
        3.0125,
        3.0825,
        3.155,
        3.2275,
        3.2975,
        3.37,
        3.4425,
        3.5125,
        3.585,
        3.6575,
        3.7275,
        3.8,
        3.8725,
        3.9425
    ],
    "ImageOrientationPatientDICOM":[
        1,
        -1e-16,
        0,
        1e-16,
        0.939693,
        -0.34202
    ],
    "ImageOrientationText":"Tra>Cor(-20.0)",
    "InPlanePhaseEncodingDirectionDICOM":"COL",
    "ConversionSoftware":"dcm2niix",
    "ConversionSoftwareVersion":"v1.0.20220720",
    "TaskName":"unknown"
}