{
    "Modality":"MR",
    "MagneticFieldStrength":3,
    "ImagingFrequency":123.222,
    "Manufacturer":"Siemens",
    "ManufacturersModelName":"TrioTim",
    "InstitutionName":"Caltech Tim32",
    "InstitutionalDepartmentName":"Department",
    "InstitutionAddress":"Wilson Avenue 340 ,Pasadena,California,US,91025",
    "DeviceSerialNumber":"35077",
    "StationName":"MEDPC",
    "PatientPosition":"HFS",
    "ProcedureStepDescription":"Adolphs_lab^Julien",
    "SoftwareVersions":"syngo MR B17",
    "MRAcquisitionType":"2D",
    "SeriesDescription":"SE_EPI_Fieldmap_Neg",
    "ProtocolName":"SE_EPI_Fieldmap_Neg",
    "ScanningSequence":"EP",
    "SequenceVariant":"SK",
    "ScanOptions":"FS",
    "SequenceName":"epse2d1_80",
    "ImageType":[
        "ORIGINAL",
        "PRIMARY",
        "M",
        "ND",
        "MOSAIC"
    ],
    "NonlinearGradientCorrection":false,
    "SeriesNumber":21,
    "AcquisitionTime":"12:00:24.062500",
    "AcquisitionNumber":1,
    "SliceThickness":2.5,
    "SpacingBetweenSlices":2.5,
    "SAR":0.457594,
    "EchoTime":0.05,
    "RepetitionTime":4.8,
    "FlipAngle":90,
    "PartialFourier":1,
    "BaseResolution":80,
    "ShimSetting":[
        9600,
        -10459,
        15942,
        947,
        157,
        185,
        402,
        -89
    ],
    "TxRefAmp":320.183,
    "PhaseResolution":1,
    "ReceiveCoilName":"32Ch_Head",
    "CoilString":"C:HEA;HEP",
    "PulseSequenceDetails":"%CustomerSeq%\\cmrr_mbep2d_se",
    "CoilCombinationMethod":"Sum of Squares",
    "MatrixCoilMode":"SENSE",
    "PercentPhaseFOV":100,
    "PercentSampling":100,
    "PhaseEncodingSteps":80,
    "AcquisitionMatrixPE":80,
    "ReconMatrixPE":80,
    "BandwidthPerPixelPhaseEncode":23.148,
    "EffectiveEchoSpacing":0.000540003,
    "DerivedVendorReportedEchoSpacing":0.000540003,
    "TotalReadoutTime":0.0426603,
    "PixelBandwidth":2404,
    "DwellTime":2.6e-06,
    "PhaseEncodingDirection":"j",
    "SliceTiming":[
        2.41,
        0,
        2.4975,
        0.0875,
        2.5825,
        0.1725,
        2.6675,
        0.26,
        2.755,
        0.345,
        2.84,
        0.4325,
        2.9275,
        0.5175,
        3.0125,
        0.6025,
        3.0975,
        0.69,
        3.185,
        0.775,
        3.27,
        0.8625,
        3.3575,
        0.9475,
        3.4425,
        1.0325,
        3.53,
        1.12,
        3.615,
        1.205,
        3.7,
        1.2925,
        3.7875,
        1.3775,
        3.8725,
        1.465,
        3.96,
        1.55,
        4.045,
        1.635,
        4.13,
        1.7225,
        4.2175,
        1.8075,
        4.3025,
        1.895,
        4.39,
        1.98,
        4.475,
        2.065,
        4.5625,
        2.1525,
        4.6475,
        2.2375,
        4.7325,
        2.325
    ],
    "ImageOrientationPatientDICOM":[
        1,
        1e-16,
        0,
        -1e-16,
        0.939693,
        -0.34202
    ],
    "ImageOrientationText":"Tra>Cor(-20.0)",
    "InPlanePhaseEncodingDirectionDICOM":"COL",
    "ConversionSoftware":"dcm2niix",
    "ConversionSoftwareVersion":"v1.0.20220720",
    "IntendedFor":[
        "ses-001/func/sub-p48cs_ses-001_task-movie_run-2_bold.nii.gz"
    ]
}