{
    "Modality":"MR",
    "MagneticFieldStrength":3,
    "ImagingFrequency":123.223,
    "Manufacturer":"Siemens",
    "ManufacturersModelName":"TrioTim",
    "InstitutionName":"Caltech Tim32",
    "InstitutionalDepartmentName":"Department",
    "InstitutionAddress":"Wilson Avenue 340 ,Pasadena,California,US,91025",
    "DeviceSerialNumber":"35077",
    "StationName":"MEDPC",
    "PatientPosition":"HFS",
    "ProcedureStepDescription":"Adolphs_lab^Julien",
    "SoftwareVersions":"syngo MR B17",
    "MRAcquisitionType":"2D",
    "SeriesDescription":"SE_EPI_Fieldmap_Neg",
    "ProtocolName":"SE_EPI_Fieldmap_Neg",
    "ScanningSequence":"EP",
    "SequenceVariant":"SK",
    "ScanOptions":"FS",
    "SequenceName":"epse2d1_80",
    "ImageType":[
        "ORIGINAL",
        "PRIMARY",
        "M",
        "ND",
        "MOSAIC"
    ],
    "NonlinearGradientCorrection":false,
    "SeriesNumber":8,
    "AcquisitionTime":"13:48:38.010000",
    "AcquisitionNumber":1,
    "SliceThickness":2.5,
    "SpacingBetweenSlices":2.5,
    "SAR":0.484102,
    "EchoTime":0.05,
    "RepetitionTime":4.8,
    "FlipAngle":90,
    "PartialFourier":1,
    "BaseResolution":80,
    "ShimSetting":[
        9590,
        -10486,
        15792,
        535,
        -239,
        332,
        633,
        140
    ],
    "TxRefAmp":448.907,
    "PhaseResolution":1,
    "ReceiveCoilName":"32Ch_Head",
    "CoilString":"C:HEA;HEP",
    "PulseSequenceDetails":"%CustomerSeq%\\cmrr_mbep2d_se",
    "CoilCombinationMethod":"Sum of Squares",
    "MatrixCoilMode":"SENSE",
    "PercentPhaseFOV":100,
    "PercentSampling":100,
    "PhaseEncodingSteps":80,
    "AcquisitionMatrixPE":80,
    "ReconMatrixPE":80,
    "BandwidthPerPixelPhaseEncode":23.148,
    "EffectiveEchoSpacing":0.000540003,
    "DerivedVendorReportedEchoSpacing":0.000540003,
    "TotalReadoutTime":0.0426603,
    "PixelBandwidth":2404,
    "DwellTime":2.6e-06,
    "PhaseEncodingDirection":"j",
    "SliceTiming":[
        2.4075,
        0,
        2.495,
        0.085,
        2.58,
        0.1725,
        2.6675,
        0.2575,
        2.7525,
        0.3425,
        2.84,
        0.43,
        2.925,
        0.515,
        3.01,
        0.6025,
        3.0975,
        0.6875,
        3.1825,
        0.775,
        3.27,
        0.86,
        3.355,
        0.945,
        3.44,
        1.0325,
        3.5275,
        1.1175,
        3.6125,
        1.205,
        3.7,
        1.29,
        3.785,
        1.375,
        3.8725,
        1.4625,
        3.9575,
        1.5475,
        4.0425,
        1.635,
        4.13,
        1.72,
        4.215,
        1.8075,
        4.3025,
        1.8925,
        4.3875,
        1.9775,
        4.4725,
        2.065,
        4.56,
        2.15,
        4.645,
        2.2375,
        4.7325,
        2.3225
    ],
    "ImageOrientationPatientDICOM":[
        1,
        1e-16,
        0,
        -1e-16,
        0.939693,
        -0.34202
    ],
    "ImageOrientationText":"Tra>Cor(-20.0)",
    "InPlanePhaseEncodingDirectionDICOM":"COL",
    "ConversionSoftware":"dcm2niix",
    "ConversionSoftwareVersion":"v1.0.20220720",
    "IntendedFor":[
        "ses-001/func/sub-p42cs_ses-001_task-movie_run-1_bold.nii.gz"
    ]
}